PATH
  remote: .
  specs:
    primes (0.1.0)
      benchmark-ips

GEM
  remote: https://rubygems.org/
  specs:
    benchmark-ips (2.8.3)
    rake (12.3.3)
    rake-compiler (1.1.1)
      rake

PLATFORMS
  ruby

DEPENDENCIES
  primes!
  rake (~> 12.0)
  rake-compiler

BUNDLED WITH
   2.1.4
